GEM
  remote: https://rubygems.org/
  specs:
    actionpack (4.0.2)
      activesupport (= 4.0.2)
      builder (~> 3.1.0)
      erubis (~> 2.7.0)
      rack (~> 1.5.2)
      rack-test (~> 0.6.2)
    activesupport (4.0.2)
      i18n (~> 0.6, >= 0.6.4)
      minitest (~> 4.2)
      multi_json (~> 1.3)
      thread_safe (~> 0.1)
      tzinfo (~> 0.3.37)
    addressable (2.3.5)
    atomic (1.1.14)
    builder (3.1.4)
    diff-lcs (1.2.5)
    erubis (2.7.0)
    faraday (0.8.8)
      multipart-post (~> 1.2.0)
    git (1.2.6)
    github_api (0.10.1)
      addressable
      faraday (~> 0.8.1)
      hashie (>= 1.2)
      multi_json (~> 1.4)
      nokogiri (~> 1.5.2)
      oauth2
    hashie (2.0.5)
    highline (1.6.20)
    httpauth (0.2.0)
    i18n (0.6.9)
    jeweler (1.8.8)
      builder
      bundler (~> 1.0)
      git (>= 1.2.5)
      github_api (= 0.10.1)
      highline (>= 1.6.15)
      nokogiri (= 1.5.10)
      rake
      rdoc
    json (1.8.1)
    jwt (0.1.8)
      multi_json (>= 1.5)
    minitest (4.7.5)
    multi_json (1.8.2)
    multi_xml (0.5.5)
    multipart-post (1.2.0)
    nokogiri (1.5.10)
    oauth2 (0.9.2)
      faraday (~> 0.8)
      httpauth (~> 0.2)
      jwt (~> 0.1.4)
      multi_json (~> 1.0)
      multi_xml (~> 0.5)
      rack (~> 1.2)
    rack (1.5.2)
    rack-test (0.6.2)
      rack (>= 1.0)
    railties (4.0.2)
      actionpack (= 4.0.2)
      activesupport (= 4.0.2)
      rake (>= 0.8.7)
      thor (>= 0.18.1, < 2.0)
    rake (10.1.0)
    rdoc (4.0.1)
      json (~> 1.4)
    redcarpet (3.0.0)
    rspec (2.14.1)
      rspec-core (~> 2.14.0)
      rspec-expectations (~> 2.14.0)
      rspec-mocks (~> 2.14.0)
    rspec-core (2.14.7)
    rspec-expectations (2.14.4)
      diff-lcs (>= 1.1.3, < 2.0)
    rspec-mocks (2.14.4)
    squash_uploader (1.0.1)
      json
    thor (0.18.1)
    thread_safe (0.1.3)
      atomic
    tzinfo (0.3.38)
    yard (0.8.7.3)

PLATFORMS
  ruby

DEPENDENCIES
  jeweler
  json
  railties (>= 3.1)
  redcarpet
  rspec
  squash_uploader
  yard
